GEM
  remote: http://rubygems.org/
  specs:
    actionmailer (3.1.2)
      actionpack (= 3.1.2)
      mail (~> 2.3.0)
    actionpack (3.1.2)
      activemodel (= 3.1.2)
      activesupport (= 3.1.2)
      builder (~> 3.0.0)
      erubis (~> 2.7.0)
      i18n (~> 0.6)
      rack (~> 1.3.5)
      rack-cache (~> 1.1)
      rack-mount (~> 0.8.2)
      rack-test (~> 0.6.1)
      sprockets (~> 2.1.0)
    activemodel (3.1.2)
      activesupport (= 3.1.2)
      builder (~> 3.0.0)
      i18n (~> 0.6)
    activerecord (3.1.2)
      activemodel (= 3.1.2)
      activesupport (= 3.1.2)
      arel (~> 2.2.1)
      tzinfo (~> 0.3.29)
    activeresource (3.1.2)
      activemodel (= 3.1.2)
      activesupport (= 3.1.2)
    activesupport (3.1.2)
      multi_json (~> 1.0)
    arel (2.2.1)
    bcrypt-ruby (3.0.1)
    blacklight (3.1.1)
      kaminari
      marc (~> 0.4.3)
      nokogiri (~> 1.5)
      rails (~> 3.0)
      rsolr (~> 1.0)
      rsolr-ext (~> 1.0)
      unicode
    builder (3.0.0)
    cgi_multipart_eof_fix (2.5.0)
    chunky_png (1.2.5)
    coffee-rails (3.1.1)
      coffee-script (>= 2.2.0)
      railties (~> 3.1.0)
    coffee-script (2.2.0)
      coffee-script-source
      execjs
    coffee-script-source (1.1.3)
    columnize (0.3.4)
    compass (0.12.alpha.1)
      chunky_png (~> 1.2)
      fssm (>= 0.2.7)
      sass (~> 3.1)
    compass-susy-plugin (0.9)
      compass (>= 0.11.1)
    daemons (1.1.4)
    devise (1.5.0)
      bcrypt-ruby (~> 3.0)
      orm_adapter (~> 0.0.3)
      warden (~> 1.1)
    erubis (2.7.0)
    execjs (1.2.9)
      multi_json (~> 1.0)
    fastthread (1.0.7)
    fssm (0.2.7)
    gem_plugin (0.2.3)
    hike (1.2.1)
    i18n (0.6.0)
    jquery-rails (1.0.18)
      railties (~> 3.0)
      thor (~> 0.14)
    json (1.6.1)
    kaminari (0.12.4)
      rails (>= 3.0.0)
    libv8 (3.3.10.4)
    linecache (0.46)
      rbx-require-relative (> 0.0.4)
    mail (2.3.0)
      i18n (>= 0.4.0)
      mime-types (~> 1.16)
      treetop (~> 1.4.8)
    marc (0.4.3)
    mime-types (1.17.2)
    mongrel (1.1.5)
      cgi_multipart_eof_fix (>= 2.4)
      daemons (>= 1.0.3)
      fastthread (>= 1.0.1)
      gem_plugin (>= 0.2.3)
    multi_json (1.0.3)
    nokogiri (1.5.0)
    orm_adapter (0.0.5)
    polyglot (0.3.3)
    rack (1.3.5)
    rack-cache (1.1)
      rack (>= 0.4)
    rack-mount (0.8.3)
      rack (>= 1.0.0)
    rack-ssl (1.3.2)
      rack
    rack-test (0.6.1)
      rack (>= 1.0)
    rails (3.1.2)
      actionmailer (= 3.1.2)
      actionpack (= 3.1.2)
      activerecord (= 3.1.2)
      activeresource (= 3.1.2)
      activesupport (= 3.1.2)
      bundler (~> 1.0)
      railties (= 3.1.2)
    railties (3.1.2)
      actionpack (= 3.1.2)
      activesupport (= 3.1.2)
      rack-ssl (~> 1.3.2)
      rake (>= 0.8.7)
      rdoc (~> 3.4)
      thor (~> 0.14.6)
    rake (0.9.2.2)
    rbx-require-relative (0.0.5)
    rdoc (3.11)
      json (~> 1.4)
    rsolr (1.0.2)
      builder (>= 2.1.2)
    rsolr-ext (1.0.3)
      rsolr (>= 1.0.2)
    ruby-debug (0.10.4)
      columnize (>= 0.1)
      ruby-debug-base (~> 0.10.4.0)
    ruby-debug-base (0.10.4)
      linecache (>= 0.3)
    sass (3.1.10)
    sass-rails (3.1.5)
      actionpack (~> 3.1.0)
      railties (~> 3.1.0)
      sass (~> 3.1.10)
      tilt (~> 1.3.2)
    sprockets (2.1.1)
      hike (~> 1.2)
      rack (~> 1.0)
      tilt (~> 1.1, != 1.3.0)
    sqlite3 (1.3.4)
    therubyracer (0.9.9)
      libv8 (~> 3.3.10)
    thor (0.14.6)
    tilt (1.3.3)
    treetop (1.4.10)
      polyglot
      polyglot (>= 0.3.1)
    tzinfo (0.3.31)
    uglifier (1.1.0)
      execjs (>= 0.3.0)
      multi_json (>= 1.0.2)
    unicode (0.4.0)
    warden (1.1.0)
      rack (>= 1.0)

PLATFORMS
  ruby

DEPENDENCIES
  blacklight
  coffee-rails (~> 3.1.1)
  compass (~> 0.12.alpha)
  compass-susy-plugin
  devise
  jquery-rails
  json
  mongrel
  nokogiri
  rails (= 3.1.2)
  rsolr (= 1.0.2)
  ruby-debug
  sass-rails (~> 3.1.5.rc.2)
  sqlite3
  therubyracer
  uglifier (>= 1.0.3)
